GEM
  remote: https://rubygems.org/
  specs:
    byebug (11.1.3)
    coderay (1.1.3)
    json (2.6.3)
    method_source (1.0.0)
    nio4r (2.6.1)
    pry (0.14.2)
      coderay (~> 1.1)
      method_source (~> 1.0)
    pry-byebug (3.10.1)
      byebug (~> 11.0)
      pry (>= 0.13, < 0.15)
    puma (6.4.0)
      nio4r (~> 2.0)
    rack (3.0.8)
    rackup (2.1.0)
      rack (>= 3)
      webrick (~> 1.8)
    webrick (1.8.1)
    zeitwerk (2.6.12)

PLATFORMS
  x86_64-linux

DEPENDENCIES
  json (~> 2.6)
  pry-byebug (~> 3.10)
  puma (~> 6.4)
  rack (~> 3.0)
  rackup (~> 2.1)
  zeitwerk (~> 2.6)

BUNDLED WITH
   2.4.22
